GIT
  remote: git://github.com/fengb/html_pretty.git
  revision: af9b990e3c53e420c564eb829de5998565e89023
  specs:
    html_pretty (0.0.1)

GEM
  remote: https://rubygems.org/
  specs:
    albino (1.3.3)
      posix-spawn (>= 0.3.6)
    chunky_png (1.2.6)
    classifier (1.3.3)
      fast-stemmer (>= 1.0.0)
    directory_watcher (1.4.1)
    fast-stemmer (1.0.1)
    jekyll (0.11.2)
      albino (~> 1.3)
      classifier (~> 1.3)
      directory_watcher (~> 1.1)
      kramdown (~> 0.13)
      liquid (~> 2.3)
      maruku (~> 0.5)
    kramdown (0.13.8)
    liquid (2.4.1)
    maruku (0.6.0)
      syntax (>= 1.0.0)
    posix-spawn (0.3.6)
    sass (3.2.1)
    syntax (1.0.0)

PLATFORMS
  ruby

DEPENDENCIES
  chunky_png
  html_pretty!
  jekyll
  sass
